STORAGE: NONE
NUGET
  remote: https://api.nuget.org/v3/index.json
    FSharp.Core (3.0.2)
    WebSharper (4.1.3.184)
    WebSharper.FSharp (4.1.3.184)
      WebSharper (4.1.3.184)
  remote: https://nuget.intellifactory.com/nuget
    WebSharper.UI.Next (4.1.0.162)
      WebSharper (>= 4.1.3.184)

GROUP build
RESTRICTION: == net45
NUGET
  remote: https://api.nuget.org/v3/index.json
    Chessie (0.6)
      FSharp.Core
    FAKE (4.64.4)
    FSharp.Compiler.Tools (4.1.29)
    FSharp.Core (4.2.3)
    Mono.Cecil (0.10.0-beta7)
    Newtonsoft.Json (10.0.3)
    Paket.Core (5.108)
      Chessie (>= 0.6)
      FSharp.Compiler.Tools
      FSharp.Core
      Mono.Cecil (>= 0.10.0-beta6)
      Newtonsoft.Json
GITHUB
  remote: intellifactory/websharper
    tools/WebSharper.Fake.fsx (664381060da9ebf30559c22706652b3ac4b49f51)